GIT
  remote: git://github.com/livingsocial/rake-pipeline.git
  revision: 3465e0e3e134bf52ddf5d138e8c8262412080095
  specs:
    rake-pipeline (0.6.0)
      rake (~> 0.9.0)
      thor

GIT
  remote: git://github.com/rkh/gh.git
  revision: affde20a4fecb1023f2e7031734b9386a76d22c2
  specs:
    gh (0.8.0)
      addressable
      backports (~> 2.3)
      faraday (~> 0.8)
      multi_json (~> 1.0)
      net-http-persistent (>= 2.7)
      net-http-pipeline

GIT
  remote: git://github.com/rkh/yard-sinatra.git
  revision: 3b1064eef407d2d288a5b96d258178a1e67b3b80
  specs:
    yard-sinatra (1.0.0)
      yard (~> 0.7)

GIT
  remote: git://github.com/roidrage/hubble
  revision: 8972b940a4f927927d2a4bdb250b3c98c04692a6
  specs:
    hubble (0.1.2)
      faraday
      json (~> 1.6.5)

GIT
  remote: git://github.com/travis-ci/travis-api.git
  revision: e8d2604ec3e466856f64f20c42b03829d7cff996
  specs:
    travis-api (0.0.1)
      backports (~> 2.5)
      hubble (~> 0.1)
      newrelic_rpm (~> 3.3.0)
      pg (~> 0.13.2)
      rack-contrib (~> 1.1)
      rack-ssl (~> 1.3)
      redcarpet (~> 2.1)
      sinatra (~> 1.3)
      sinatra-contrib (~> 1.3)
      thin (~> 1.4)
      travis-core
      travis-support

GIT
  remote: git://github.com/travis-ci/travis-core.git
  revision: ea7a1678a0388e586ac4778a9b6ee56a11dfb0aa
  branch: sf-more-services
  specs:
    travis-core (0.0.1)
      actionmailer (~> 3.2.3)
      activerecord (~> 3.2.3)
      data_migrations (~> 0.0.1)
      gh
      hashr (~> 0.0.19)
      metriks (~> 0.9.7)
      multi_json
      postmark-rails (~> 0.4.1)
      pusher (~> 0.9.2)
      railties (~> 3.2.3)
      rake (~> 0.9.2.2)
      redis (~> 3.0)
      rollout (~> 1.1.0)
      simple_states (~> 0.1.1)
      thor (~> 0.14.6)

GIT
  remote: git://github.com/travis-ci/travis-support.git
  revision: 06844d2db558d88be775ca1cf9cfff8ec36120fb
  specs:
    travis-support (0.0.1)

GIT
  remote: git://github.com/wycats/rake-pipeline-web-filters.git
  revision: e14e78ae70d0d25b1668c5273e80cd05a4ee52e6
  specs:
    rake-pipeline-web-filters (0.6.0)
      rack
      rake-pipeline (~> 0.6)

GEM
  remote: http://rubygems.org/
  specs:
    actionmailer (3.2.8)
      actionpack (= 3.2.8)
      mail (~> 2.4.4)
    actionpack (3.2.8)
      activemodel (= 3.2.8)
      activesupport (= 3.2.8)
      builder (~> 3.0.0)
      erubis (~> 2.7.0)
      journey (~> 1.0.4)
      rack (~> 1.4.0)
      rack-cache (~> 1.2)
      rack-test (~> 0.6.1)
      sprockets (~> 2.1.3)
    activemodel (3.2.8)
      activesupport (= 3.2.8)
      builder (~> 3.0.0)
    activerecord (3.2.8)
      activemodel (= 3.2.8)
      activesupport (= 3.2.8)
      arel (~> 3.0.2)
      tzinfo (~> 0.3.29)
    activesupport (3.2.8)
      i18n (~> 0.6)
      multi_json (~> 1.0)
    addressable (2.3.2)
    arel (3.0.2)
    atomic (1.0.1)
    avl_tree (1.1.3)
    backports (2.6.4)
    builder (3.0.3)
    bunny (0.8.0)
    chunky_png (1.2.6)
    coffee-script (2.2.0)
      coffee-script-source
      execjs
    coffee-script-source (1.3.3)
    compass (0.12.2)
      chunky_png (~> 1.2)
      fssm (>= 0.2.7)
      sass (~> 3.1)
    daemons (1.1.9)
    data_migrations (0.0.1)
      activerecord
      rake
    erubis (2.7.0)
    eventmachine (1.0.0)
    execjs (1.4.0)
      multi_json (~> 1.0)
    faraday (0.8.4)
      multipart-post (~> 1.1)
    fssm (0.2.9)
    guard (1.3.3)
      listen (>= 0.4.2)
      thor (>= 0.14.6)
    hashr (0.0.22)
    hike (1.2.1)
    hitimes (1.1.1)
    i18n (0.6.1)
    journey (1.0.4)
    json (1.6.7)
    kgio (2.7.4)
    listen (0.5.1)
    mail (2.4.4)
      i18n (>= 0.4.0)
      mime-types (~> 1.16)
      treetop (~> 1.4.8)
    metriks (0.9.9.1)
      atomic (~> 1.0)
      avl_tree (~> 1.1.2)
      hitimes (~> 1.1)
    mime-types (1.19)
    multi_json (1.3.6)
    multipart-post (1.1.5)
    net-http-persistent (2.7)
    net-http-pipeline (1.0.1)
    newrelic_rpm (3.3.5)
    pg (0.13.2)
    polyglot (0.3.3)
    postmark (0.9.12)
      json
      rake
    postmark-rails (0.4.1)
      actionmailer
      postmark (>= 0.9.0)
      rake
    pusher (0.9.4)
      multi_json (~> 1.0)
      signature (~> 0.1.2)
    rack (1.4.1)
    rack-cache (1.2)
      rack (>= 0.4)
    rack-contrib (1.1.0)
      rack (>= 0.9.1)
    rack-protection (1.2.0)
      rack
    rack-ssl (1.3.2)
      rack
    rack-test (0.6.1)
      rack (>= 1.0)
    railties (3.2.8)
      actionpack (= 3.2.8)
      activesupport (= 3.2.8)
      rack-ssl (~> 1.3.2)
      rake (>= 0.8.7)
      rdoc (~> 3.4)
      thor (>= 0.14.6, < 2.0)
    raindrops (0.10.0)
    rake (0.9.2.2)
    rdoc (3.12)
      json (~> 1.4)
    redcarpet (2.1.1)
    redis (3.0.1)
    rollout (1.1.0)
    sass (3.2.1)
    signature (0.1.4)
    simple_states (0.1.1)
      activesupport
      hashr (~> 0.0.10)
    sinatra (1.3.3)
      rack (~> 1.3, >= 1.3.6)
      rack-protection (~> 1.2)
      tilt (~> 1.3, >= 1.3.3)
    sinatra-contrib (1.3.1)
      backports (>= 2.0)
      eventmachine
      rack-protection
      rack-test
      sinatra (~> 1.3.0)
      tilt (~> 1.3)
    sprockets (2.1.3)
      hike (~> 1.2)
      rack (~> 1.0)
      tilt (~> 1.1, != 1.3.0)
    thin (1.4.1)
      daemons (>= 1.0.9)
      eventmachine (>= 0.12.6)
      rack (>= 1.0.0)
    thor (0.14.6)
    tilt (1.3.3)
    treetop (1.4.10)
      polyglot
      polyglot (>= 0.3.1)
    tzinfo (0.3.33)
    unicorn (4.3.1)
      kgio (~> 2.6)
      rack
      raindrops (~> 0.7)
    yard (0.8.2.1)

PLATFORMS
  ruby

DEPENDENCIES
  bunny
  coffee-script
  compass
  gh!
  guard
  hubble!
  newrelic_rpm (~> 3.3.0)
  pg (~> 0.13.2)
  rake-pipeline!
  rake-pipeline-web-filters!
  sinatra
  sinatra-contrib
  tilt
  travis-api!
  travis-core!
  travis-support!
  unicorn
  yard-sinatra!
