GIT
  remote: https://github.com/joshk/jemalloc-rb
  revision: 9ffefeb626efb892884faa3ecc01d12e15482680
  ref: 9ffefeb
  specs:
    jemalloc (1.0.1)

PATH
  remote: waiter
  specs:
    travis-web (0.0.1)

GEM
  remote: https://rubygems.org/
  specs:
    backports (3.7.0)
    diff-lcs (1.3)
    foreman (0.84.0)
      thor (~> 0.19.1)
    hashr (2.0.1)
    multi_json (1.12.1)
    puma (3.8.2)
    rack (1.6.5)
    rack-protection (1.5.3)
      rack
    rack-ssl (1.4.1)
      rack
    rack-test (0.6.3)
      rack (>= 1.0)
    rake (12.0.0)
    rspec (2.99.0)
      rspec-core (~> 2.99.0)
      rspec-expectations (~> 2.99.0)
      rspec-mocks (~> 2.99.0)
    rspec-core (2.99.2)
    rspec-expectations (2.99.2)
      diff-lcs (>= 1.1.3, < 2.0)
    rspec-mocks (2.99.4)
    sinatra (1.4.8)
      rack (~> 1.5)
      rack-protection (~> 1.4)
      tilt (>= 1.3, < 3)
    sinatra-contrib (1.4.7)
      backports (>= 2.0)
      multi_json
      rack-protection
      rack-test
      sinatra (~> 1.4.0)
      tilt (>= 1.3, < 3)
    thor (0.19.4)
    tilt (2.0.7)

PLATFORMS
  ruby

DEPENDENCIES
  foreman
  hashr
  jemalloc!
  puma
  rack-protection (~> 1.3)
  rack-ssl (~> 1.3)
  rake
  rspec (~> 2.11)
  sinatra
  sinatra-contrib
  travis-web!

RUBY VERSION
   ruby 2.4.1p111

BUNDLED WITH
   1.14.6
