PATH
  remote: waiter
  specs:
    travis-web (0.0.1)

GEM
  remote: https://rubygems.org/
  specs:
    crass (1.0.6)
    diff-lcs (1.4.4)
    foreman (0.87.2)
    hashr (2.0.1)
    mini_portile2 (2.8.0)
    multi_json (1.15.0)
    mustermann (1.1.1)
      ruby2_keywords (~> 0.0.1)
    nio4r (2.5.8)
    nokogiri (1.13.3)
      mini_portile2 (~> 2.8.0)
      racc (~> 1.4)
    nokogumbo (2.0.5)
      nokogiri (~> 1.8, >= 1.8.4)
    power_assert (2.0.0)
    puma (5.6.2)
      nio4r (~> 2.0)
    racc (1.6.0)
    rack (2.2.3)
    rack-mobile-detect (0.4.0)
      rack
    rack-protection (2.1.0)
      rack
    rack-ssl (1.4.1)
      rack
    rake (13.0.3)
    rspec (2.99.0)
      rspec-core (~> 2.99.0)
      rspec-expectations (~> 2.99.0)
      rspec-mocks (~> 2.99.0)
    rspec-core (2.99.2)
    rspec-expectations (2.99.2)
      diff-lcs (>= 1.1.3, < 2.0)
    rspec-mocks (2.99.4)
    ruby2_keywords (0.0.4)
    sanitize (5.2.3)
      crass (~> 1.0.2)
      nokogiri (>= 1.8.0)
      nokogumbo (~> 2.0)
    sinatra (2.1.0)
      mustermann (~> 1.0)
      rack (~> 2.2)
      rack-protection (= 2.1.0)
      tilt (~> 2.0)
    sinatra-contrib (2.1.0)
      multi_json
      mustermann (~> 1.0)
      rack-protection (= 2.1.0)
      sinatra (= 2.1.0)
      tilt (~> 2.0)
    test-unit (3.4.1)
      power_assert
    tilt (2.0.10)

PLATFORMS
  ruby

DEPENDENCIES
  foreman
  hashr
  nokogiri (~> 1.13.3)
  puma (~> 5.6.2)
  rack (~> 2)
  rack-mobile-detect
  rack-protection
  rack-ssl
  rake
  rspec (~> 2.11)
  sanitize
  sinatra
  sinatra-contrib
  test-unit
  travis-web!

RUBY VERSION
   ruby 2.7.5p203

BUNDLED WITH
   2.3.7
