GIT
  remote: git://github.com/livingsocial/rake-pipeline.git
  revision: 543f4322fe70facee9572d29ddabf7f090dad68a
  specs:
    rake-pipeline (0.6.0)
      rake (~> 0.9.0)
      thor

GIT
  remote: git://github.com/randym/rake-pipeline-web-filters.git
  revision: ebe68d83b365ccfc9cf8e16a19d0b77d62c622ad
  specs:
    rake-pipeline-web-filters (0.6.0)
      rack
      rake-pipeline (~> 0.6)

GEM
  remote: http://rubygems.org/
  specs:
    chunky_png (1.2.5)
    coffee-script (2.2.0)
      coffee-script-source
      execjs
    coffee-script-source (1.3.3)
    compass (0.12.2)
      chunky_png (~> 1.2)
      fssm (>= 0.2.7)
      sass (~> 3.1)
    execjs (1.4.0)
      multi_json (~> 1.0)
    ffi (1.0.11)
    fssm (0.2.9)
    gli (1.6.0)
    guard (1.1.1)
      listen (>= 0.4.2)
      thor (>= 0.14.6)
    i18n (0.6.0)
    json (1.7.3)
    kgio (2.7.4)
    listen (0.4.4)
      rb-fchange (~> 0.0.5)
      rb-fsevent (~> 0.9.1)
      rb-inotify (~> 0.8.8)
    localeapp (0.5.0)
      gli
      i18n
      json
      rest-client
      ya2yaml
    mime-types (1.19)
    multi_json (1.3.6)
    rack (1.4.1)
    rack-protection (1.2.0)
      rack
    raindrops (0.10.0)
    rake (0.9.2.2)
    rb-fchange (0.0.5)
      ffi
    rb-fsevent (0.9.1)
    rb-inotify (0.8.8)
      ffi (>= 0.5.0)
    rest-client (1.6.7)
      mime-types (>= 1.16)
    sass (3.1.20)
    sinatra (1.3.2)
      rack (~> 1.3, >= 1.3.6)
      rack-protection (~> 1.2)
      tilt (~> 1.3, >= 1.3.3)
    thor (0.15.2)
    tilt (1.3.3)
    unicorn (4.3.1)
      kgio (~> 2.6)
      rack
      raindrops (~> 0.7)
    ya2yaml (0.31)

PLATFORMS
  ruby

DEPENDENCIES
  coffee-script
  compass
  guard
  localeapp
  rake-pipeline!
  rake-pipeline-web-filters!
  sinatra
  tilt
  unicorn
