PATH
  remote: waiter
  specs:
    travis-web (0.0.1)

GEM
  remote: https://rubygems.org/
  specs:
    backports (3.17.2)
    diff-lcs (1.3)
    foreman (0.87.1)
    hashr (2.0.1)
    multi_json (1.14.1)
    power_assert (1.2.0)
    puma (3.12.6)
    rack (1.6.13)
    rack-mobile-detect (0.4.0)
      rack
    rack-protection (1.5.5)
      rack
    rack-ssl (1.4.1)
      rack
    rack-test (1.1.0)
      rack (>= 1.0, < 3)
    rake (13.0.1)
    rspec (2.99.0)
      rspec-core (~> 2.99.0)
      rspec-expectations (~> 2.99.0)
      rspec-mocks (~> 2.99.0)
    rspec-core (2.99.2)
    rspec-expectations (2.99.2)
      diff-lcs (>= 1.1.3, < 2.0)
    rspec-mocks (2.99.4)
    sinatra (1.4.8)
      rack (~> 1.5)
      rack-protection (~> 1.4)
      tilt (>= 1.3, < 3)
    sinatra-contrib (1.4.7)
      backports (>= 2.0)
      multi_json
      rack-protection
      rack-test
      sinatra (~> 1.4.0)
      tilt (>= 1.3, < 3)
    test-unit (3.3.6)
      power_assert
    tilt (2.0.10)

PLATFORMS
  ruby

DEPENDENCIES
  foreman
  hashr
  puma (~> 3.12.4)
  rack-mobile-detect
  rack-protection (~> 1.4)
  rack-ssl (~> 1.4)
  rake
  rspec (~> 2.11)
  sinatra
  sinatra-contrib
  test-unit
  travis-web!

RUBY VERSION
   ruby 2.4.2p198

BUNDLED WITH
   1.16.6
